GEM
  remote: https://rubygems.org/
  specs:
    bcrypt (3.1.11)
    bcrypt-ruby (3.1.5)
      bcrypt (>= 3.1.3)

PLATFORMS
  ruby

DEPENDENCIES
  bcrypt-ruby

BUNDLED WITH
   1.13.1
